GEM
  remote: http://rubygems.org/
  specs:
    dicks (0.03)
    rack (1.2.1)
    sinatra (1.0)
      rack (>= 1.0)

PLATFORMS
  ruby

DEPENDENCIES
  dicks
  sinatra
